GEM
  remote: http://rubygems.org/
  specs:
    facter (1.7.0)
    hiera (1.2.0)
      json_pure
    json_pure (1.7.7)
    puppet (3.2.1)
      facter (~> 1.6)
      hiera (~> 1.0)
      rgen (~> 0.6)
    puppet-lint (0.3.2)
    rake (0.9.2.2)
    rgen (0.6.2)

PLATFORMS
  ruby

DEPENDENCIES
  puppet (>= 2.7)
  puppet-lint
  rake
